GEM
  remote: https://rubygems.org/
  specs:
    ffi (1.11.2)
    flt (1.5.2)
    listen (3.2.0)
      rb-fsevent (~> 0.10, >= 0.10.3)
      rb-inotify (~> 0.9, >= 0.9.10)
    nio (0.2.5)
      flt (>= 1.0.0)
    rb-fsevent (0.10.3)
    rb-inotify (0.10.0)
      ffi (~> 1.0)
    repla (0.10.3)

PLATFORMS
  ruby

DEPENDENCIES
  listen
  nio
  repla

RUBY VERSION
   ruby 2.4.1p111

BUNDLED WITH
   2.0.2
