GEM
  remote: https://rubygems.org/
  specs:
    ffi (1.9.10)
    flt (1.5.0)
    listen (3.0.3)
      rb-fsevent (>= 0.9.3)
      rb-inotify (>= 0.9)
    nio (0.2.5)
      flt (>= 1.0.0)
    rb-fsevent (0.9.6)
    rb-inotify (0.9.5)
      ffi (>= 0.5.0)
    webconsole (0.1.13)

PLATFORMS
  ruby

DEPENDENCIES
  listen
  nio
  webconsole
