GEM
  remote: https://rubygems.org/
  specs:
    ffi (1.9.25)
    flt (1.5.2)
    listen (3.1.5)
      rb-fsevent (~> 0.9, >= 0.9.4)
      rb-inotify (~> 0.9, >= 0.9.7)
      ruby_dep (~> 1.2)
    nio (0.2.5)
      flt (>= 1.0.0)
    rb-fsevent (0.10.3)
    rb-inotify (0.10.0)
      ffi (~> 1.0)
    ruby_dep (1.5.0)
    webconsole (0.2.1)

PLATFORMS
  ruby

DEPENDENCIES
  listen
  nio
  webconsole

RUBY VERSION
   ruby 2.3.7p456

BUNDLED WITH
   1.17.2
